GEM
  remote: https://rubygems.org/
  specs:
    minitest (5.3.3)
    minitest-emoji (2.0.0)

PLATFORMS
  ruby

DEPENDENCIES
  minitest
  minitest-emoji
