GEM
  remote: https://rubygems.org/
  specs:
    ansi (1.4.3)
    builder (3.1.4)
    coderay (1.0.9)
    method_source (0.8.2)
    minitest (5.3.3)
    minitest-emoji (2.0.0)
    minitest-reporters (1.0.3)
      ansi
      builder
      minitest (>= 5.0)
      ruby-progressbar
    pry (0.9.12.2)
      coderay (~> 1.0.5)
      method_source (~> 0.8)
      slop (~> 3.4)
    ruby-progressbar (1.4.2)
    slop (3.4.6)

PLATFORMS
  ruby

DEPENDENCIES
  minitest
  minitest-emoji
  minitest-reporters
  pry
